GEM
  remote: https://rubygems.org/
  specs:
    redcarpet (3.6.0)
    webrick (1.8.2)

PLATFORMS
  ruby
  x86_64-openbsd-7.5

DEPENDENCIES
  redcarpet
  webrick

BUNDLED WITH
   2.5.19
